GEM
  remote: https://rubygems.org/
  specs:
    nio4r (2.5.2)
    nio4r (2.5.2-java)
    puma (4.3.3)
      nio4r (~> 2.0)
    puma (4.3.3-java)
      nio4r (~> 2.0)
    rack (2.0.7)

PLATFORMS
  java
  ruby

DEPENDENCIES
  puma
  rack

BUNDLED WITH
   1.17.3
