GEM
  specs:
    concurrent-ruby (1.1.5)
    mustermann (1.0.3)
    nio4r (2.4.0)
    nio4r (2.4.0-java)
    puma (4.0.1)
      nio4r (~> 2.0)
    puma (4.0.1-java)
      nio4r (~> 2.0)
    rack (2.0.7)
    rack-protection (2.0.5)
      rack
    sinatra (2.0.5)
      mustermann (~> 1.0)
      rack (~> 2.0)
      rack-protection (= 2.0.5)
      tilt (~> 2.0)
    tilt (2.0.9)

PLATFORMS
  java
  ruby

DEPENDENCIES
  concurrent-ruby
  puma
  sinatra

BUNDLED WITH
   1.17.3
